GIT
  remote: git://github.com/pauldix/sax-machine.git
  revision: ca445545da757be5841bcde64df8542c3203bc3b
  specs:
    sax-machine (1.3.2)

GEM
  remote: https://rubygems.org/
  specs:

PLATFORMS
  ruby

DEPENDENCIES
  sax-machine!

RUBY VERSION
   ruby 2.5.1p57

BUNDLED WITH
   1.16.2
