GIT
  remote: git://github.com/pauldix/sax-machine.git
  revision: ca445545da757be5841bcde64df8542c3203bc3b
  specs:
    sax-machine (1.3.2)

GEM
  remote: https://rubygems.org/
  specs:
    ansi (1.5.0)
    ast (2.4.0)
    oga (2.15)
      ast
      ruby-ll (~> 2.1)
    ox (2.9.4)
    ruby-ll (2.1.2)
      ansi
      ast

PLATFORMS
  ruby

DEPENDENCIES
  oga (>= 0.2.0)
  ox (>= 2.1.2)
  sax-machine!

RUBY VERSION
   ruby 2.5.1p57

BUNDLED WITH
   1.16.2
