GEM
  remote: https://rubygems.org/
  specs:
    mini_portile2 (2.3.0)
    nokogiri (1.8.4)
      mini_portile2 (~> 2.3.0)
    saxerator (0.9.8)

PLATFORMS
  ruby

DEPENDENCIES
  nokogiri
  saxerator

RUBY VERSION
   ruby 2.5.1p57

BUNDLED WITH
   1.16.2
